FRAMEWORK: NET452
NUGET
  remote: https://www.nuget.org/api/v2
    FAKE (4.50)
    FSharp.Core (4.0.0.1)

GROUP Test
FRAMEWORK: NET452
NUGET
  remote: https://www.nuget.org/api/v2
    Argu (3.7)
    BenchmarkDotNet (0.10.2)
      BenchmarkDotNet.Toolchains.Roslyn (>= 0.10.2)
    BenchmarkDotNet.Core (0.10.2)
      System.Threading.Tasks.Extensions (>= 4.0)
    BenchmarkDotNet.Toolchains.Roslyn (0.10.2)
      BenchmarkDotNet.Core (>= 0.10.2)
      Microsoft.CodeAnalysis.CSharp (>= 1.3.2)
      System.Threading.Tasks (>= 4.0)
    Expecto (3.2.1)
      Argu (>= 3.2)
      FSharp.Core (>= 3.1.2.5)
      Mono.Cecil (>= 0.9.6.4)
    Expecto.BenchmarkDotNet (3.2.1)
      BenchmarkDotNet (>= 0.9.9)
      Expecto (>= 3.2.1)
      FSharp.Core (>= 3.1.2.5)
    Expecto.FsCheck (3.2.1)
      Expecto (>= 3.2.1)
      FsCheck (>= 2.6.2)
      FSharp.Core (>= 3.1.2.5)
    FsCheck (2.7)
      FSharp.Core (>= 3.1.2.5)
    FSharp.Core (4.0.0.1)
    Microsoft.CodeAnalysis.Analyzers (1.1)
    Microsoft.CodeAnalysis.Common (1.3.2)
      Microsoft.CodeAnalysis.Analyzers (>= 1.1)
      System.Collections.Immutable (>= 1.1.37)
      System.Reflection.Metadata (>= 1.2)
    Microsoft.CodeAnalysis.CSharp (1.3.2)
      Microsoft.CodeAnalysis.Common (1.3.2)
    Mono.Cecil (0.9.6.4)
    System.Collections.Immutable (1.3.1)
    System.Reflection.Metadata (1.4.2)
      System.Collections.Immutable (>= 1.3.1)
    System.Threading.Tasks (4.3)
    System.Threading.Tasks.Extensions (4.3)
